GIT
  remote: https://github.com/jayzes/cucumber-api-steps.git
  revision: 0251167f42e581a00f059baac0119fb01d63c4ab
  specs:
    cucumber-api-steps (0.12)
      cucumber (>= 1.2.1)
      jsonpath (>= 0.1.2)
      rspec (>= 2.12.0)

GEM
  remote: https://rubygems.org/
  specs:
    actionmailer (3.2.15)
      actionpack (= 3.2.15)
      mail (~> 2.5.4)
    actionpack (3.2.15)
      activemodel (= 3.2.15)
      activesupport (= 3.2.15)
      builder (~> 3.0.0)
      erubis (~> 2.7.0)
      journey (~> 1.0.4)
      rack (~> 1.4.5)
      rack-cache (~> 1.2)
      rack-test (~> 0.6.1)
      sprockets (~> 2.2.1)
    activemodel (3.2.15)
      activesupport (= 3.2.15)
      builder (~> 3.0.0)
    activerecord (3.2.15)
      activemodel (= 3.2.15)
      activesupport (= 3.2.15)
      arel (~> 3.0.2)
      tzinfo (~> 0.3.29)
    activeresource (3.2.15)
      activemodel (= 3.2.15)
      activesupport (= 3.2.15)
    activesupport (3.2.15)
      i18n (~> 0.6, >= 0.6.4)
      multi_json (~> 1.0)
    addressable (2.3.5)
    arel (3.0.2)
    awesome_print (1.2.0)
    axiom-types (0.0.5)
      descendants_tracker (~> 0.0.1)
      ice_nine (~> 0.9)
    backports (3.3.5)
    better_errors (1.0.1)
      coderay (>= 1.0.0)
      erubis (>= 2.6.6)
    binding_of_caller (0.7.2)
      debug_inspector (>= 0.0.1)
    brakeman (2.2.0)
      erubis (~> 2.6)
      fastercsv (~> 1.5)
      haml (>= 3.0, < 5.0)
      highline (~> 1.6.20)
      multi_json (~> 1.2)
      ruby2ruby (~> 2.0.5)
      ruby_parser (~> 3.2.2)
      sass (~> 3.0)
      slim (>= 1.3.6, < 3.0)
      terminal-table (~> 1.4)
    bson (1.9.2)
    bson_ext (1.9.2)
      bson (~> 1.9.2)
    builder (3.0.4)
    capybara (2.1.0)
      mime-types (>= 1.16)
      nokogiri (>= 1.3.3)
      rack (>= 1.0.0)
      rack-test (>= 0.5.4)
      xpath (~> 2.0)
    coderay (1.1.0)
    coercible (0.2.0)
      backports (~> 3.0, >= 3.1.0)
      descendants_tracker (~> 0.0.1)
    coffee-rails (3.2.2)
      coffee-script (>= 2.2.0)
      railties (~> 3.2.0)
    coffee-script (2.2.0)
      coffee-script-source
      execjs
    coffee-script-source (1.6.3)
    columnize (0.3.6)
    coolline (0.4.2)
    coveralls (0.7.0)
      multi_json (~> 1.3)
      rest-client
      simplecov (>= 0.7)
      term-ansicolor
      thor
    crack (0.4.1)
      safe_yaml (~> 0.9.0)
    cucumber (1.3.9)
      builder (>= 2.1.2)
      diff-lcs (>= 1.1.3)
      gherkin (~> 2.12)
      multi_json (>= 1.7.5, < 2.0)
      multi_test (>= 0.0.2)
    cucumber-rails (1.4.0)
      capybara (>= 1.1.2)
      cucumber (>= 1.2.0)
      nokogiri (>= 1.5.0)
      rails (>= 3.0.0)
    dalli (2.6.4)
    database_cleaner (1.1.1)
    debug_inspector (0.0.2)
    debugger (1.6.2)
      columnize (>= 0.3.1)
      debugger-linecache (~> 1.2.0)
      debugger-ruby_core_source (~> 1.2.3)
    debugger-linecache (1.2.0)
    debugger-ruby_core_source (1.2.3)
    descendants_tracker (0.0.3)
    diff-lcs (1.2.5)
    diffy (3.0.1)
    docile (1.1.0)
    dotenv (0.9.0)
    dotenv-rails (0.9.0)
      dotenv (= 0.9.0)
    equalizer (0.0.7)
    erubis (2.7.0)
    execjs (2.0.2)
    fastercsv (1.5.5)
    gherkin (2.12.2)
      multi_json (~> 1.3)
    grape (0.6.1)
      activesupport
      builder
      hashie (>= 1.2.0)
      multi_json (>= 1.3.2)
      multi_xml (>= 0.5.2)
      rack (>= 1.3.0)
      rack-accept
      rack-mount
      virtus (>= 1.0.0)
    grit (2.5.0)
      diff-lcs (~> 1.1)
      mime-types (~> 1.15)
      posix-spawn (~> 0.3.6)
    haml (4.0.4)
      tilt
    hashie (2.0.5)
    highline (1.6.20)
    hike (1.2.3)
    hirb (0.7.1)
    i18n (0.6.5)
    ice_nine (0.10.0)
    jazz_hands (0.5.2)
      awesome_print (~> 1.2)
      coolline (>= 0.4.2)
      hirb (~> 0.7.1)
      pry (~> 0.9.12)
      pry-debugger (~> 0.2.2)
      pry-doc (~> 0.4.6)
      pry-git (~> 0.2.3)
      pry-rails (~> 0.3.2)
      pry-remote (>= 0.1.7)
      pry-stack_explorer (~> 0.4.9)
      railties (>= 3.0, < 5.0)
    journey (1.0.4)
    jquery-rails (3.0.4)
      railties (>= 3.0, < 5.0)
      thor (>= 0.14, < 2.0)
    json (1.8.1)
    jsonpath (0.5.5)
      multi_json
    kgio (2.8.1)
    lockfile (2.1.0)
    mail (2.5.4)
      mime-types (~> 1.16)
      treetop (~> 1.4.8)
    method_source (0.8.2)
    mime-types (1.25)
    mini_portile (0.5.2)
    mongoid (3.1.5)
      activemodel (~> 3.2)
      moped (~> 1.4)
      origin (~> 1.0)
      tzinfo (~> 0.3.29)
    moped (1.5.1)
    multi_json (1.8.2)
    multi_test (0.0.2)
    multi_xml (0.5.5)
    nokogiri (1.6.0)
      mini_portile (~> 0.5.0)
    origin (1.1.0)
    polyglot (0.3.3)
    posix-spawn (0.3.6)
    pry (0.9.12.3)
      coderay (~> 1.0)
      method_source (~> 0.8)
      slop (~> 3.4)
    pry-debugger (0.2.2)
      debugger (~> 1.3)
      pry (~> 0.9.10)
    pry-doc (0.4.6)
      pry (>= 0.9)
      yard (>= 0.8)
    pry-git (0.2.3)
      diffy
      grit
      pry (>= 0.9.8)
    pry-rails (0.3.2)
      pry (>= 0.9.10)
    pry-remote (0.1.7)
      pry (~> 0.9)
      slop (~> 3.0)
    pry-stack_explorer (0.4.9.1)
      binding_of_caller (>= 0.7)
      pry (>= 0.9.11)
    quiet_assets (1.0.2)
      railties (>= 3.1, < 5.0)
    rack (1.4.5)
    rack-accept (0.4.5)
      rack (>= 0.4)
    rack-cache (1.2)
      rack (>= 0.4)
    rack-mount (0.8.3)
      rack (>= 1.0.0)
    rack-ssl (1.3.3)
      rack
    rack-test (0.6.2)
      rack (>= 1.0)
    rails (3.2.15)
      actionmailer (= 3.2.15)
      actionpack (= 3.2.15)
      activerecord (= 3.2.15)
      activeresource (= 3.2.15)
      activesupport (= 3.2.15)
      bundler (~> 1.0)
      railties (= 3.2.15)
    railties (3.2.15)
      actionpack (= 3.2.15)
      activesupport (= 3.2.15)
      rack-ssl (~> 1.3.2)
      rake (>= 0.8.7)
      rdoc (~> 3.4)
      thor (>= 0.14.6, < 2.0)
    raindrops (0.12.0)
    rake (10.1.0)
    rdoc (3.12.2)
      json (~> 1.4)
    rest-client (1.6.7)
      mime-types (>= 1.16)
    rspec (2.14.1)
      rspec-core (~> 2.14.0)
      rspec-expectations (~> 2.14.0)
      rspec-mocks (~> 2.14.0)
    rspec-core (2.14.7)
    rspec-expectations (2.14.4)
      diff-lcs (>= 1.1.3, < 2.0)
    rspec-mocks (2.14.4)
    rspec-rails (2.14.0)
      actionpack (>= 3.0)
      activesupport (>= 3.0)
      railties (>= 3.0)
      rspec-core (~> 2.14.0)
      rspec-expectations (~> 2.14.0)
      rspec-mocks (~> 2.14.0)
    ruby2ruby (2.0.6)
      ruby_parser (~> 3.1)
      sexp_processor (~> 4.0)
    ruby_parser (3.2.2)
      sexp_processor (~> 4.1)
    safe_yaml (0.9.7)
    sass (3.2.12)
    sass-rails (3.2.6)
      railties (~> 3.2.0)
      sass (>= 3.1.10)
      tilt (~> 1.3)
    sexp_processor (4.4.0)
    simplecov (0.8.1)
      docile (~> 1.1.0)
      lockfile (>= 2.1.0)
      multi_json
      simplecov-html (~> 0.8.0)
    simplecov-html (0.8.0)
    slim (2.0.2)
      temple (~> 0.6.6)
      tilt (>= 1.3.3, < 2.1)
    slop (3.4.6)
    sprockets (2.2.2)
      hike (~> 1.2)
      multi_json (~> 1.0)
      rack (~> 1.0)
      tilt (~> 1.1, != 1.3.0)
    temple (0.6.7)
    term-ansicolor (1.2.2)
      tins (~> 0.8)
    terminal-table (1.4.5)
    thor (0.18.1)
    tilt (1.4.1)
    tins (0.13.1)
    treetop (1.4.15)
      polyglot
      polyglot (>= 0.3.1)
    tzinfo (0.3.38)
    uglifier (2.3.1)
      execjs (>= 0.3.0)
      json (>= 1.8.0)
    unicorn (4.7.0)
      kgio (~> 2.6)
      rack
      raindrops (~> 0.7)
    vcr (2.5.0)
    virtus (1.0.0)
      axiom-types (~> 0.0.5)
      coercible (~> 0.2)
      descendants_tracker (~> 0.0.1)
      equalizer (~> 0.0.7)
    webmock (1.13.0)
      addressable (>= 2.2.7)
      crack (>= 0.3.2)
    xpath (2.0.0)
      nokogiri (~> 1.3)
    yard (0.8.7.3)

PLATFORMS
  ruby

DEPENDENCIES
  better_errors (~> 1.0.1)
  binding_of_caller (~> 0.7.2)
  brakeman (~> 2.2.0)
  bson_ext (~> 1.9.2)
  coffee-rails (~> 3.2.1)
  coveralls (~> 0.7.0)
  cucumber-api-steps!
  cucumber-rails (~> 1.4.0)
  dalli (~> 2.6.4)
  database_cleaner (~> 1.1.1)
  dotenv-rails (~> 0.9.0)
  grape (~> 0.6.1)
  jazz_hands (~> 0.5.2)
  jquery-rails (~> 3.0.4)
  mongoid (~> 3.1.5)
  quiet_assets (~> 1.0.2)
  rails (= 3.2.15)
  rspec-rails (~> 2.14.0)
  sass-rails (~> 3.2.3)
  slim (~> 2.0.2)
  uglifier (>= 1.0.3)
  unicorn (~> 4.7.0)
  vcr (~> 2.5.0)
  webmock (~> 1.13.0)
